GEM
  remote: https://rubygems.org/
  specs:
    rack (2.2.3)

PLATFORMS
  arm64-darwin-20
  x86_64-linux

DEPENDENCIES
  rack

RUBY VERSION
   ruby 2.7.3p183

BUNDLED WITH
   2.2.25
